GIT
  remote: https://github.com/jbox-web/gitolite-rugged.git
  revision: 551741d1df06f6e386bc23461c7bfcac3dfb28b2
  tag: 1.2.0
  specs:
    gitolite-rugged (1.2.0)
      gratr19 (~> 0.4.4, >= 0.4.4.1)
      rugged (~> 0.22, >= 0.22.2)

GIT
  remote: https://github.com/jbox-web/grack.git
  revision: 1bc51d833970d8544790198cc1d75310dd835175
  branch: fix_rails4
  specs:
    gitlab-grack (2.0.0.pre)
      rack (~> 1.6.0)

GEM
  remote: https://rubygems.org/
  specs:
    RedCloth (4.3.2)
    actionmailer (4.2.8)
      actionpack (= 4.2.8)
      actionview (= 4.2.8)
      activejob (= 4.2.8)
      mail (~> 2.5, >= 2.5.4)
      rails-dom-testing (~> 1.0, >= 1.0.5)
    actionpack (4.2.8)
      actionview (= 4.2.8)
      activesupport (= 4.2.8)
      rack (~> 1.6)
      rack-test (~> 0.6.2)
      rails-dom-testing (~> 1.0, >= 1.0.5)
      rails-html-sanitizer (~> 1.0, >= 1.0.2)
    actionpack-xml_parser (1.0.2)
      actionpack (>= 4.0.0, < 5)
    actionview (4.2.8)
      activesupport (= 4.2.8)
      builder (~> 3.1)
      erubis (~> 2.7.0)
      rails-dom-testing (~> 1.0, >= 1.0.5)
      rails-html-sanitizer (~> 1.0, >= 1.0.3)
    activejob (4.2.8)
      activesupport (= 4.2.8)
      globalid (>= 0.3.0)
    activemodel (4.2.8)
      activesupport (= 4.2.8)
      builder (~> 3.1)
    activerecord (4.2.8)
      activemodel (= 4.2.8)
      activesupport (= 4.2.8)
      arel (~> 6.0)
    activesupport (4.2.8)
      i18n (~> 0.7)
      minitest (~> 5.1)
      thread_safe (~> 0.3, >= 0.3.4)
      tzinfo (~> 1.1)
    addressable (2.5.2)
      public_suffix (>= 2.0.2, < 4.0)
    arel (6.0.4)
    asciidoctor (1.5.8)
    builder (3.2.3)
    byebug (9.0.6)
    capybara (3.10.0)
      addressable
      mini_mime (>= 0.1.3)
      nokogiri (~> 1.8)
      rack (>= 1.6.0)
      rack-test (>= 0.6.3)
      regexp_parser (~> 1.2)
      xpath (~> 3.2)
    childprocess (0.9.0)
      ffi (~> 1.0, >= 1.0.11)
    ci_reporter (2.0.0)
      builder (>= 2.1.2)
    ci_reporter_rspec (1.0.0)
      ci_reporter (~> 2.0)
      rspec (>= 2.14, < 4)
    codeclimate-test-reporter (1.0.9)
      simplecov (<= 0.13)
    coderay (1.1.2)
    concurrent-ruby (1.0.5)
    coveralls (0.7.1)
      multi_json (~> 1.3)
      rest-client
      simplecov (>= 0.7)
      term-ansicolor
      thor
    crass (1.0.4)
    creole (0.5.0)
    css_parser (1.6.0)
      addressable
    dalli (2.7.9)
    database_cleaner (1.7.0)
    diff-lcs (1.3)
    docile (1.1.5)
    domain_name (0.5.20180417)
      unf (>= 0.0.5, < 1.0.0)
    erubis (2.7.0)
    factory_girl (4.9.0)
      activesupport (>= 3.0.0)
    factory_girl_rails (4.9.0)
      factory_girl (~> 4.9.0)
      railties (>= 3.0.0)
    faker (1.9.1)
      i18n (>= 0.7)
    ffi (1.9.25)
    github-markup (3.0.1)
    globalid (0.4.1)
      activesupport (>= 4.2.0)
    gratr19 (0.4.4.1)
    haml (5.0.4)
      temple (>= 0.8.0)
      tilt
    haml-rails (1.0.0)
      actionpack (>= 4.0.1)
      activesupport (>= 4.0.1)
      haml (>= 4.0.6, < 6.0)
      html2haml (>= 1.0.1)
      railties (>= 4.0.1)
    hash-deep-merge (0.1.1)
    hashie (3.6.0)
    hiredis (0.6.1)
    html2haml (2.2.0)
      erubis (~> 2.7.0)
      haml (>= 4.0, < 6)
      nokogiri (>= 1.6.0)
      ruby_parser (~> 3.5)
    htmlentities (4.3.4)
    http-cookie (1.0.3)
      domain_name (~> 0.5)
    i18n (0.7.0)
    jquery-rails (3.1.5)
      railties (>= 3.0, < 5.0)
      thor (>= 0.14, < 2.0)
    lazy_high_charts (1.5.8)
      hash-deep-merge
    liquid (2.6.3)
    loofah (2.2.2)
      crass (~> 1.0.2)
      nokogiri (>= 1.5.9)
    macaddr (1.7.1)
      systemu (~> 2.6.2)
    mail (2.6.6)
      mime-types (>= 1.16, < 4)
    metaclass (0.0.4)
    mime-types (3.2.2)
      mime-types-data (~> 3.2015)
    mime-types-data (3.2018.0812)
    mimemagic (0.3.2)
    mini_mime (1.0.1)
    mini_portile2 (2.3.0)
    minitest (5.11.3)
    mocha (1.7.0)
      metaclass (~> 0.0.1)
    multi_json (1.13.1)
    mysql2 (0.4.10)
    net-ldap (0.12.1)
    netrc (0.11.0)
    nokogiri (1.8.5)
      mini_portile2 (~> 2.3.0)
    omniauth (1.4.3)
      hashie (>= 1.2, < 4)
      rack (>= 1.6.2, < 3)
    omniauth-saml-cespi (1.3.1)
      omniauth (~> 1.1)
      ruby-saml (~> 0.9)
    org-ruby (0.9.12)
      rubypants (~> 0.2)
    protected_attributes (1.1.4)
      activemodel (>= 4.0.1, < 5.0)
    public_suffix (3.0.3)
    quiet_assets (1.1.0)
      railties (>= 3.1, < 5.0)
    rack (1.6.10)
    rack-openid (1.4.2)
      rack (>= 1.1.0)
      ruby-openid (>= 2.1.8)
    rack-parser (0.7.0)
      rack
    rack-test (0.6.3)
      rack (>= 1.0)
    rails (4.2.8)
      actionmailer (= 4.2.8)
      actionpack (= 4.2.8)
      actionview (= 4.2.8)
      activejob (= 4.2.8)
      activemodel (= 4.2.8)
      activerecord (= 4.2.8)
      activesupport (= 4.2.8)
      bundler (>= 1.3.0, < 2.0)
      railties (= 4.2.8)
      sprockets-rails
    rails-deprecated_sanitizer (1.0.3)
      activesupport (>= 4.2.0.alpha)
    rails-dom-testing (1.0.9)
      activesupport (>= 4.2.0, < 5.0)
      nokogiri (~> 1.6)
      rails-deprecated_sanitizer (>= 1.0.1)
    rails-html-sanitizer (1.0.4)
      loofah (~> 2.2, >= 2.2.2)
    railties (4.2.8)
      actionpack (= 4.2.8)
      activesupport (= 4.2.8)
      rake (>= 0.8.7)
      thor (>= 0.18.1, < 2.0)
    rake (12.3.1)
    rbpdf (1.19.6)
      htmlentities
      rbpdf-font (~> 1.19.0)
    rbpdf-font (1.19.1)
    rdoc (4.3.0)
    redcarpet (3.4.0)
    redis (3.3.5)
    redmine_crm (0.0.42)
      liquid (< 2.6.4)
      rails
    regexp_parser (1.2.0)
    request_store (1.0.5)
    rest-client (2.0.2)
      http-cookie (>= 1.0.2, < 2.0)
      mime-types (>= 1.16, < 4.0)
      netrc (~> 0.8)
    rmagick (2.16.0)
    roadie (3.2.2)
      css_parser (~> 1.4)
      nokogiri (~> 1.5)
    roadie-rails (1.1.1)
      railties (>= 3.0, < 5.1)
      roadie (~> 3.1)
    rspec (3.0.0)
      rspec-core (~> 3.0.0)
      rspec-expectations (~> 3.0.0)
      rspec-mocks (~> 3.0.0)
    rspec-core (3.0.4)
      rspec-support (~> 3.0.0)
    rspec-expectations (3.0.4)
      diff-lcs (>= 1.2.0, < 2.0)
      rspec-support (~> 3.0.0)
    rspec-mocks (3.0.4)
      rspec-support (~> 3.0.0)
    rspec-rails (3.0.2)
      actionpack (>= 3.0)
      activesupport (>= 3.0)
      railties (>= 3.0)
      rspec-core (~> 3.0.0)
      rspec-expectations (~> 3.0.0)
      rspec-mocks (~> 3.0.0)
      rspec-support (~> 3.0.0)
    rspec-support (3.0.4)
    ruby-openid (2.3.0)
    ruby-saml (0.9.4)
      nokogiri (>= 1.5.10)
      uuid (~> 2.3)
    ruby_parser (3.11.0)
      sexp_processor (~> 4.9)
    rubypants (0.7.0)
    rubyzip (1.2.2)
    rugged (0.27.5)
    selenium-webdriver (2.53.4)
      childprocess (~> 0.5)
      rubyzip (~> 1.0)
      websocket (~> 1.0)
    sexp_processor (4.11.0)
    shoulda (3.5.0)
      shoulda-context (~> 1.0, >= 1.0.1)
      shoulda-matchers (>= 1.4.1, < 3.0)
    shoulda-context (1.2.2)
    shoulda-matchers (2.7.0)
      activesupport (>= 3.0.0)
    simplecov (0.9.2)
      docile (~> 1.1.0)
      multi_json (~> 1.0)
      simplecov-html (~> 0.9.0)
    simplecov-html (0.9.0)
    simplecov-rcov (0.2.3)
      simplecov (>= 0.4.1)
    spring (1.3.6)
    spring-commands-rspec (1.0.4)
      spring (>= 0.9.1)
    sprockets (3.7.2)
      concurrent-ruby (~> 1.0)
      rack (> 1, < 3)
    sprockets-rails (3.2.1)
      actionpack (>= 4.0)
      activesupport (>= 4.0)
      sprockets (>= 3.0.0)
    sshkey (1.9.0)
    systemu (2.6.5)
    temple (0.8.0)
    term-ansicolor (1.7.0)
      tins (~> 1.0)
    test_after_commit (0.4.2)
      activerecord (>= 3.2)
    thor (0.20.0)
    thread_safe (0.3.6)
    tilt (2.0.8)
    tins (1.18.0)
    tzinfo (1.2.5)
      thread_safe (~> 0.1)
    unf (0.1.4)
      unf_ext
    unf_ext (0.0.7.5)
    uuid (2.3.9)
      macaddr (~> 1.0)
    websocket (1.2.8)
    will_paginate (3.1.6)
    xpath (3.2.0)
      nokogiri (~> 1.8)
    yard (0.9.16)

PLATFORMS
  ruby

DEPENDENCIES
  RedCloth
  actionpack-xml_parser
  asciidoctor
  byebug (~> 9.0.0)
  capybara
  ci_reporter_rspec (~> 1.0.0)
  codeclimate-test-reporter
  coderay (~> 1.1.1)
  coveralls
  creole
  dalli
  database_cleaner
  factory_girl
  factory_girl_rails
  faker
  github-markup
  gitlab-grack!
  gitolite-rugged!
  haml-rails
  hiredis
  i18n (~> 0.7.0)
  jquery-rails (~> 3.1.4)
  lazy_high_charts
  mail (~> 2.6.4)
  mime-types (~> 3.0)
  mimemagic
  minitest
  mocha
  mysql2 (~> 0.4.6)
  net-ldap (~> 0.12.0)
  nokogiri (~> 1.8.1)
  omniauth (>= 1.2.2)
  omniauth-saml-cespi (~> 1.3.1)
  org-ruby
  protected_attributes
  quiet_assets (~> 1.1.0)
  rack-openid
  rack-parser
  rails (= 4.2.8)
  rails-dom-testing
  rails-html-sanitizer (>= 1.0.3)
  rbpdf (~> 1.19.3)
  rdoc (~> 4.3)
  redcarpet (~> 3.4.0)
  redis
  redmine_crm
  request_store (= 1.0.5)
  rmagick (>= 2.14.0)
  roadie (~> 3.2.1)
  roadie-rails (~> 1.1.1)
  rspec (~> 3.0.0)
  rspec-rails (~> 3.0.1)
  ruby-openid (~> 2.3.0)
  ruby-saml (~> 0.9.2)
  selenium-webdriver (~> 2.53.4)
  shoulda (~> 3.5.0)
  shoulda-context
  shoulda-matchers (~> 2.7.0)
  simplecov (~> 0.9.1)
  simplecov-rcov
  spring (~> 1.3.1)
  spring-commands-rspec (~> 1.0.4)
  sshkey
  test_after_commit (~> 0.4.2)
  tzinfo-data
  will_paginate
  yard

BUNDLED WITH
   1.17.1
